GEM
  remote: http://rubygems.org/
  specs:
    groupdocs (1.2.0)
      json (~> 1.7)
      mime-types (~> 1.19)
      rest-client (~> 1.6)
    json (1.7.6)
    liquid (2.4.1)
    mime-types (1.19)
    rack (1.4.4)
    rack-protection (1.3.2)
      rack
    rest-client (1.6.7)
      mime-types (>= 1.16)
    sinatra (1.3.3)
      rack (~> 1.3, >= 1.3.6)
      rack-protection (~> 1.2)
      tilt (~> 1.3, >= 1.3.3)
    tilt (1.3.3)

PLATFORMS
  x86-mingw32

DEPENDENCIES
  groupdocs (= 1.2)
  liquid
  sinatra
